GEM
  remote: http://rubygems.org/
  specs:
    chronic (0.6.7)
    icalendar (1.1.6)
    mime-types (1.18)
    rest-client (1.6.7)
      mime-types (>= 1.16)
    terminal-table (1.4.5)
    tzinfo (0.3.33)

PLATFORMS
  ruby

DEPENDENCIES
  chronic
  icalendar
  rest-client
  terminal-table
  tzinfo
