GEM
  remote: https://rubygems.org/
  specs:
    axlsx (1.3.6)
      htmlentities (~> 4.3.1)
      nokogiri (>= 1.4.1)
      rubyzip (>= 0.9.5)
    chronic (0.6.7)
    htmlentities (4.3.1)
    icalendar (1.1.6)
    mime-types (1.18)
    mini_portile (0.5.1)
    nokogiri (1.6.0)
      mini_portile (~> 0.5.0)
    rest-client (1.6.7)
      mime-types (>= 1.16)
    rubyzip (0.9.9)
    terminal-table (1.4.5)
    tzinfo (0.3.33)

PLATFORMS
  ruby

DEPENDENCIES
  axlsx
  chronic
  icalendar
  rest-client
  terminal-table
  tzinfo
