GEM
  remote: https://rubygems.org/
  specs:
    axlsx (1.3.6)
      htmlentities (~> 4.3.1)
      nokogiri (>= 1.4.1)
      rubyzip (>= 0.9.5)
    chronic (0.6.7)
    faraday (0.8.8)
      multipart-post (~> 1.2.0)
    google_drive (0.3.6)
      nokogiri (>= 1.4.4, != 1.5.2, != 1.5.1)
      oauth (>= 0.3.6)
      oauth2 (>= 0.5.0)
    htmlentities (4.3.1)
    httpauth (0.2.0)
    icalendar (1.1.6)
    jwt (0.1.8)
      multi_json (>= 1.5)
    mime-types (1.18)
    mini_portile (0.5.1)
    multi_json (1.8.0)
    multi_xml (0.5.5)
    multipart-post (1.2.0)
    nokogiri (1.6.0)
      mini_portile (~> 0.5.0)
    oauth (0.4.7)
    oauth2 (0.9.2)
      faraday (~> 0.8)
      httpauth (~> 0.2)
      jwt (~> 0.1.4)
      multi_json (~> 1.0)
      multi_xml (~> 0.5)
      rack (~> 1.2)
    rack (1.5.2)
    rest-client (1.6.7)
      mime-types (>= 1.16)
    rubyzip (0.9.9)
    terminal-table (1.4.5)
    tzinfo (0.3.33)

PLATFORMS
  ruby

DEPENDENCIES
  axlsx
  chronic
  google_drive
  icalendar
  rest-client
  terminal-table
  tzinfo
